GEM
  remote: https://rubygems.org/
  specs:
    mini_magick (4.8.0)

PLATFORMS
  x86-mingw32

DEPENDENCIES
  mini_magick

BUNDLED WITH
   1.15.3
